GEM
  remote: https://rubygems.org/
  specs:
    crack (0.4.3)
      safe_yaml (~> 1.0.0)
    gosu (0.11.3.1)
    require_all (1.4.0)
    safe_yaml (1.0.4)

PLATFORMS
  ruby

DEPENDENCIES
  crack
  gosu
  require_all

RUBY VERSION
   ruby 2.3.1p112

BUNDLED WITH
   1.14.6
