GEM
  remote: https://rubygems.org/
  specs:
    coderay (1.1.1)
    gosu (0.11.3.1)
    method_source (0.8.2)
    pry (0.10.4)
      coderay (~> 1.1.0)
      method_source (~> 0.8.1)
      slop (~> 3.4)
    require_all (1.4.0)
    slop (3.6.0)

PLATFORMS
  ruby

DEPENDENCIES
  gosu
  pry
  require_all

RUBY VERSION
   ruby 2.3.1p112

BUNDLED WITH
   1.14.6
